PATH
  remote: .
  specs:
    yardmarshal (0.1.2)

GEM
  remote: https://rubygems.org/
  specs:
    rake (10.5.0)

PLATFORMS
  ruby

DEPENDENCIES
  bundler (~> 1.8)
  rake (~> 10.0)
  yardmarshal!

BUNDLED WITH
   1.16.6
